GEM
  remote: https://rubygems.org/
  specs:
    awesome_print (1.8.0)
    backports (3.12.0)
    binding.repl (3.0.0)
    cd (1.0.1)
    clipboard (1.3.3)
    code (0.9.2)
      coderay (~> 1.1)
      method_source (~> 0.9)
    coderay (1.1.2)
    debugging (1.1.1)
      binding.repl (~> 3.0)
      paint (>= 0.9, < 3.0)
    diff-lcs (1.3)
    domain_name (0.5.20180417)
      unf (>= 0.0.5, < 1.0.0)
    every_day_irb (2.0.0)
      cd (~> 1.0)
    fancy_irb (1.1.0)
      paint (>= 0.9, < 3.0)
      unicode-display_width (~> 1.1)
    ffi (1.10.0)
    hirb (0.7.3)
    http-cookie (1.0.3)
      domain_name (~> 0.5)
    instance (0.2.0)
    interactive_editor (0.0.11)
      spoon (>= 0.0.1)
    irb (1.0.0)
    irbtools (2.2.1)
      binding.repl (~> 3.0)
      clipboard (~> 1.1)
      code (~> 0.9)
      coderay (~> 1.1)
      debugging (~> 1.1)
      every_day_irb (~> 2.0)
      fancy_irb (~> 1.1)
      hirb (~> 0.7, >= 0.7.3)
      instance (~> 0.2)
      interactive_editor (~> 0.0, >= 0.0.10)
      method_locator (~> 0.0, >= 0.0.4)
      methodfinder (~> 2.0)
      ori (~> 0.1.0)
      os
      paint (>= 0.9, < 3.0)
      ruby_engine (~> 1.0)
      ruby_info (~> 1.0)
      ruby_version (~> 1.0)
      wirb (~> 2.0)
    method_locator (0.0.4)
    method_source (0.9.2)
    methodfinder (2.2.1)
    mime-types (3.2.2)
      mime-types-data (~> 3.2015)
    mime-types-data (3.2018.0812)
    multi_json (1.13.1)
    mustermann (1.0.3)
    netrc (0.11.0)
    ori (0.1.0)
    os (1.0.0)
    paint (2.1.0)
    pry (0.12.2)
      coderay (~> 1.1.0)
      method_source (~> 0.9.0)
    psych (3.1.0)
    rack (2.0.6)
    rack-protection (2.0.5)
      rack
    rack-test (1.1.0)
      rack (>= 1.0, < 3)
    rest-client (2.0.2)
      http-cookie (>= 1.0.2, < 2.0)
      mime-types (>= 1.16, < 4.0)
      netrc (~> 0.8)
    rspec (3.8.0)
      rspec-core (~> 3.8.0)
      rspec-expectations (~> 3.8.0)
      rspec-mocks (~> 3.8.0)
    rspec-core (3.8.0)
      rspec-support (~> 3.8.0)
    rspec-expectations (3.8.2)
      diff-lcs (>= 1.2.0, < 2.0)
      rspec-support (~> 3.8.0)
    rspec-mocks (3.8.0)
      diff-lcs (>= 1.2.0, < 2.0)
      rspec-support (~> 3.8.0)
    rspec-support (3.8.0)
    ruby_engine (1.0.1)
    ruby_info (1.0.1)
    ruby_version (1.0.1)
    sinatra (2.0.5)
      mustermann (~> 1.0)
      rack (~> 2.0)
      rack-protection (= 2.0.5)
      tilt (~> 2.0)
    sinatra-contrib (2.0.5)
      backports (>= 2.8.2)
      multi_json
      mustermann (~> 1.0)
      rack-protection (= 2.0.5)
      sinatra (= 2.0.5)
      tilt (>= 1.3, < 3)
    spoon (0.0.6)
      ffi
    tilt (2.0.9)
    unf (0.1.4)
      unf_ext
    unf_ext (0.0.7.5)
    unicode-display_width (1.5.0)
    wirb (2.1.2)
      paint (>= 0.9, < 3.0)

PLATFORMS
  ruby

DEPENDENCIES
  awesome_print
  irb
  irbtools
  pry
  psych
  rack-test
  rest-client
  rspec
  sinatra
  sinatra-contrib

RUBY VERSION
   ruby 2.6.1p33

BUNDLED WITH
   1.17.2
